PATH
  remote: .
  specs:
    hiera-psql (0.2.1)
      hiera (~> 1.3)
      json (~> 1.8)
      pg (~> 0.17)

GEM
  remote: https://rubygems.org/
  specs:
    coderay (1.1.2)
    diff-lcs (1.3)
    hiera (1.3.4)
      json_pure
    json (1.8.6)
    json_pure (2.1.0)
    method_source (0.9.0)
    pg (0.21.0)
    pry (0.11.3)
      coderay (~> 1.1.0)
      method_source (~> 0.9.0)
    rake (10.5.0)
    rspec (3.8.0)
      rspec-core (~> 3.8.0)
      rspec-expectations (~> 3.8.0)
      rspec-mocks (~> 3.8.0)
    rspec-core (3.8.0)
      rspec-support (~> 3.8.0)
    rspec-expectations (3.8.1)
      diff-lcs (>= 1.2.0, < 2.0)
      rspec-support (~> 3.8.0)
    rspec-mocks (3.8.0)
      diff-lcs (>= 1.2.0, < 2.0)
      rspec-support (~> 3.8.0)
    rspec-support (3.8.0)

PLATFORMS
  ruby
  x86_64-cygwin

DEPENDENCIES
  hiera-psql!
  pry (~> 0.10)
  rake (~> 10.3)
  rspec (~> 3.0)

BUNDLED WITH
   1.16.1
